GEM
  remote: https://rubygems.org/
  specs:
    activesupport (5.2.2)
      concurrent-ruby (~> 1.0, >= 1.0.2)
      i18n (>= 0.7, < 2)
      minitest (~> 5.1)
      tzinfo (~> 1.1)
    addressable (2.5.2)
      public_suffix (>= 2.0.2, < 4.0)
    ast (2.4.0)
    aws-eventstream (1.0.1)
    aws-partitions (1.124.0)
    aws-sdk-core (3.44.0)
      aws-eventstream (~> 1.0)
      aws-partitions (~> 1.0)
      aws-sigv4 (~> 1.0)
      jmespath (~> 1.0)
    aws-sdk-dynamodb (1.15.0)
      aws-sdk-core (~> 3, >= 3.26.0)
      aws-sigv4 (~> 1.0)
    aws-sdk-kms (1.13.0)
      aws-sdk-core (~> 3, >= 3.39.0)
      aws-sigv4 (~> 1.0)
    aws-sdk-s3 (1.23.1)
      aws-sdk-core (~> 3, >= 3.26.0)
      aws-sdk-kms (~> 1)
      aws-sigv4 (~> 1.0)
    aws-sigv4 (1.0.3)
    axiom-types (0.1.1)
      descendants_tracker (~> 0.0.4)
      ice_nine (~> 0.11.0)
      thread_safe (~> 0.3, >= 0.3.1)
    backports (3.11.4)
    backtrace (0.3.0)
    builder (3.2.3)
    codecov (0.1.13)
      json
      simplecov
      url
    coercible (1.0.0)
      descendants_tracker (~> 0.0.1)
    coinbase (4.1.0)
    concurrent-ruby (1.1.3)
    crack (0.4.3)
      safe_yaml (~> 1.0.0)
    cucumber (3.1.2)
      builder (>= 2.1.2)
      cucumber-core (~> 3.2.0)
      cucumber-expressions (~> 6.0.1)
      cucumber-wire (~> 0.0.1)
      diff-lcs (~> 1.3)
      gherkin (~> 5.1.0)
      multi_json (>= 1.7.5, < 2.0)
      multi_test (>= 0.1.2)
    cucumber-core (3.2.1)
      backports (>= 3.8.0)
      cucumber-tag_expressions (~> 1.1.0)
      gherkin (~> 5.0)
    cucumber-expressions (6.0.1)
    cucumber-tag_expressions (1.1.1)
    cucumber-wire (0.0.1)
    daemons (1.3.0)
    descendants_tracker (0.0.4)
      thread_safe (~> 0.3, >= 0.3.1)
    diff-lcs (1.3)
    differ (0.1.2)
    diffy (3.2.1)
    docile (1.3.1)
    equalizer (0.0.11)
    ethon (0.11.0)
      ffi (>= 1.3.0)
    eventmachine (1.2.7)
    faraday (0.15.4)
      multipart-post (>= 1.2, < 3)
    faraday_middleware (0.12.2)
      faraday (>= 0.7.4, < 1.0)
    ffi (1.9.25)
    futex (0.7.0)
    geocoder (1.5.0)
    get_process_mem (0.2.3)
    gherkin (5.1.0)
    glogin (0.4.7)
    haml (5.0.4)
      temple (>= 0.8.0)
      tilt
    hashdiff (0.3.7)
    i18n (1.2.0)
      concurrent-ruby (~> 1.0)
    ice_nine (0.11.2)
    jaro_winkler (1.5.1)
    jaro_winkler (1.5.1-x86_64-darwin-17)
    jmespath (1.4.0)
    json (2.1.0)
    listen (3.1.5)
      rb-fsevent (~> 0.9, >= 0.9.4)
      rb-inotify (~> 0.9, >= 0.9.7)
      ruby_dep (~> 1.2)
    memory_profiler (0.9.12)
    mini_portile2 (2.3.0)
    minitest (5.11.3)
    multi_json (1.13.1)
    multi_test (0.1.2)
    multipart-post (2.0.0)
    mustermann (1.0.3)
    nokogiri (1.8.5)
      mini_portile2 (~> 2.3.0)
    openssl (2.1.2)
    parallel (1.12.1)
    parser (2.5.3.0)
      ast (~> 2.4.0)
    powerpack (0.1.2)
    public_suffix (3.0.3)
    rack (2.0.6)
    rack-protection (2.0.4)
      rack
    rack-ssl (1.4.1)
      rack
    rack-test (1.1.0)
      rack (>= 1.0, < 3)
    rainbow (3.0.0)
    rake (12.3.1)
    random-port (0.3.0)
    rb-fsevent (0.10.3)
    rb-inotify (0.9.10)
      ffi (>= 0.5.0, < 2)
    rerun (0.13.0)
      listen (~> 3.0)
    rubocop (0.60.0)
      jaro_winkler (~> 1.5.1)
      parallel (~> 1.10)
      parser (>= 2.5, != 2.5.1.1)
      powerpack (~> 0.1)
      rainbow (>= 2.2.2, < 4.0)
      ruby-progressbar (~> 1.7)
      unicode-display_width (~> 1.4.0)
    rubocop-rspec (1.30.1)
      rubocop (>= 0.60.0)
    ruby-progressbar (1.10.0)
    ruby_dep (1.5.0)
    safe_yaml (1.0.4)
    sass (3.6.0)
      sass-listen (~> 4.0.0)
    sass-listen (4.0.0)
      rb-fsevent (~> 0.9, >= 0.9.4)
      rb-inotify (~> 0.9, >= 0.9.7)
    semantic (1.6.1)
    sentry-raven (2.7.4)
      faraday (>= 0.7.6, < 1.0)
    simplecov (0.16.1)
      docile (~> 1.1)
      json (>= 1.8, < 3)
      simplecov-html (~> 0.10.0)
    simplecov-html (0.10.2)
    sinatra (2.0.4)
      mustermann (~> 1.0)
      rack (~> 2.0)
      rack-protection (= 2.0.4)
      tilt (~> 2.0)
    sinatra-contrib (2.0.4)
      activesupport (>= 4.0.0)
      backports (>= 2.8.2)
      multi_json
      mustermann (~> 1.0)
      rack-protection (= 2.0.4)
      sinatra (= 2.0.4)
      tilt (>= 1.3, < 3)
    slop (4.6.2)
    sys-proctable (1.2.1)
      ffi
    telebot (0.1.2)
      faraday
      faraday_middleware
      virtus
    telepost (0.2.1)
      telebot (= 0.1.2)
    temple (0.8.0)
    thin (1.7.2)
      daemons (~> 1.0, >= 1.0.9)
      eventmachine (~> 1.0, >= 1.0.4)
      rack (>= 1, < 3)
    thread_safe (0.3.6)
    threads (0.3.0)
      backtrace (~> 0)
      concurrent-ruby (~> 1.0)
    tilt (2.0.9)
    typhoeus (1.3.1)
      ethon (>= 0.9.0)
    tzinfo (1.2.5)
      thread_safe (~> 0.1)
    unicode-display_width (1.4.0)
    url (0.3.2)
    usagewatch (0.0.7)
    usagewatch_ext (0.2.1)
      usagewatch (~> 0.0.6)
    virtus (1.0.5)
      axiom-types (~> 0.1)
      coercible (~> 1.0)
      descendants_tracker (~> 0.0, >= 0.0.3)
      equalizer (~> 0.0, >= 0.0.9)
    webmock (3.4.2)
      addressable (>= 2.3.6)
      crack (>= 0.3.2)
      hashdiff
    xcop (0.6)
      differ (~> 0.1.2)
      nokogiri (~> 1.8)
      rainbow (~> 3.0)
      slop (~> 4.4)
    zache (0.4.0)
    zold (0.18.8)
      backtrace (= 0.3.0)
      concurrent-ruby (= 1.1.3)
      cucumber (= 3.1.2)
      diffy (= 3.2.1)
      futex (= 0.7.0)
      get_process_mem (= 0.2.3)
      json (= 2.1.0)
      memory_profiler (= 0.9.12)
      openssl (= 2.1.2)
      rainbow (= 3.0.0)
      rake (= 12.3.1)
      rubocop (= 0.60.0)
      rubocop-rspec (= 1.30.1)
      semantic (= 1.6.1)
      sinatra (= 2.0.4)
      slop (= 4.6.2)
      sys-proctable (= 1.2.1)
      thin (= 1.7.2)
      threads (= 0.3.0)
      typhoeus (= 1.3.1)
      usagewatch_ext (= 0.2.1)
      xcop (= 0.6)
      zache (= 0.4.0)
      zold-score (= 0.4.3)
    zold-score (0.4.3)

PLATFORMS
  ruby
  x86_64-darwin-16
  x86_64-darwin-17

DEPENDENCIES
  aws-sdk-dynamodb (= 1.15.0)
  aws-sdk-s3 (= 1.23.1)
  backports (= 3.11.4)
  backtrace (= 0.3.0)
  codecov (= 0.1.13)
  coinbase (= 4.1.0)
  concurrent-ruby (= 1.1.3)
  futex (= 0.7.0)
  geocoder (= 1.5.0)
  glogin (= 0.4.7)
  haml (= 5.0.4)
  minitest (= 5.11.3)
  rack (= 2.0.6)
  rack-ssl (= 1.4.1)
  rack-test (= 1.1.0)
  rake (= 12.3.1)
  random-port (= 0.3.0)
  rerun (= 0.13.0)
  rubocop (= 0.60.0)
  rubocop-rspec (= 1.30.1)
  sass (= 3.6.0)
  sentry-raven (= 2.7.4)
  sinatra (= 2.0.4)
  sinatra-contrib (= 2.0.4)
  telepost (= 0.2.1)
  webmock (= 3.4.2)
  xcop (= 0.6)
  zold (= 0.18.8)

RUBY VERSION
   ruby 2.5.1p57

BUNDLED WITH
   1.17.1
